GEM
  remote: https://rubygems.org/
  specs:
    annoy-rb (0.8.0)
    tf-idf-similarity (0.3.0)
      unicode_utils (~> 1.4)
    unicode_utils (1.4.0)

PLATFORMS
  arm64-darwin-23
  ruby

DEPENDENCIES
  annoy-rb
  tf-idf-similarity

BUNDLED WITH
   2.5.23
